PATH
  remote: .
  specs:
    sassc (0.1)
      ffi
      rake-compiler

GEM
  remote: https://rubygems.org/
  specs:
    ffi (1.9.2)
    rake (10.1.0)
    rake-compiler (0.9.1)
      rake

PLATFORMS
  ruby

DEPENDENCIES
  sassc!
