PATH
  remote: .
  specs:
    sassc (0.1)
      ffi
      rake-compiler

GEM
  remote: https://rubygems.org/
  specs:
    ffi (1.0.11)
    rake (0.9.2.2)
    rake-compiler (0.8.1)
      rake

PLATFORMS
  ruby

DEPENDENCIES
  sassc!
